GEM
  remote: https://rubygems.org/
  specs:
    chuck_norris (0.1.0)
    lolize (0.0.3)
      paint (~> 0.8.3)
    paint (0.8.7)

PLATFORMS
  ruby

DEPENDENCIES
  chuck_norris!
  lolize!

BUNDLED WITH
   1.16.1
